PATH
  remote: .
  specs:
    s_object (0.0.1)
      json
      typhoeus (~> 0.3.0)

GEM
  remote: https://rubygems.org/
  specs:
    activesupport (3.2.2)
      i18n (~> 0.6)
      multi_json (~> 1.0)
    coderay (1.0.5)
    diff-lcs (1.1.3)
    factory_girl (2.6.4)
      activesupport (>= 2.3.9)
    i18n (0.6.0)
    json (1.7.4)
    macaddr (1.5.0)
      systemu (>= 2.4.0)
    method_source (0.7.1)
    mime-types (1.19)
    multi_json (1.2.0)
    pry (0.9.8.4)
      coderay (~> 1.0.5)
      method_source (~> 0.7.1)
      slop (>= 2.4.4, < 3)
    rspec (2.9.0)
      rspec-core (~> 2.9.0)
      rspec-expectations (~> 2.9.0)
      rspec-mocks (~> 2.9.0)
    rspec-core (2.9.0)
    rspec-expectations (2.9.0)
      diff-lcs (~> 1.1.3)
    rspec-mocks (2.9.0)
    slop (2.4.4)
    systemu (2.5.0)
    typhoeus (0.3.3)
      mime-types
    uuid (2.3.5)
      macaddr (~> 1.0)

PLATFORMS
  ruby

DEPENDENCIES
  factory_girl (< 3)
  pry
  rspec
  s_object!
  uuid
